PATH
  remote: .
  specs:
    pusher-chameleon (1.4.4)
      sass (>= 3.2.0)

GEM
  remote: https://rubygems.org/
  specs:
    gem_publisher (1.3.1)
    rake (13.0.1)
    sass (3.4.23)

PLATFORMS
  ruby

DEPENDENCIES
  gem_publisher (= 1.3.1)
  pusher-chameleon!
  rake (= 13.0.1)

BUNDLED WITH
   1.14.3
