GEM
  remote: https://rubygems.org/
  specs:
    addressable (2.3.8)
    autoprefixer-rails (6.3.6.2)
      execjs
    colorator (0.1)
    concurrent-ruby (1.0.1)
    execjs (2.7.0)
    facets (3.0.0)
    fastimage (1.9.0)
      addressable (~> 2.3.5)
    ffi (1.12.2)
    jekyll (3.1.2)
      colorator (~> 0.1)
      jekyll-sass-converter (~> 1.0)
      jekyll-watch (~> 1.1)
      kramdown (~> 1.3)
      liquid (~> 3.0)
      mercenary (~> 0.3.3)
      rouge (~> 1.7)
      safe_yaml (~> 1.0)
    jekyll-assets (2.1.2)
      fastimage (~> 1.8)
      jekyll (~> 3.0)
      sprockets (~> 3.3)
      sprockets-helpers (~> 1.2)
      tilt (~> 2.0)
    jekyll-sass-converter (1.4.0)
      sass (~> 3.4)
    jekyll-watch (1.3.1)
      listen (~> 3.0)
    kramdown (1.10.0)
    liquid (3.0.6)
    listen (3.0.6)
      rb-fsevent (>= 0.9.3)
      rb-inotify (>= 0.9.7)
    mercenary (0.3.5)
    octopress-autoprefixer (2.0.0)
      autoprefixer-rails
      jekyll (~> 3.0)
    rack (1.6.4)
    rb-fsevent (0.9.7)
    rb-inotify (0.9.7)
      ffi (>= 0.5.0)
    rouge (1.10.1)
    rubypants (0.2.0)
    safe_yaml (1.0.4)
    sass (3.4.21)
    sprockets (3.5.2)
      concurrent-ruby (~> 1.0)
      rack (> 1, < 3)
    sprockets-helpers (1.2.1)
      sprockets (>= 2.2)
    tilt (2.0.2)
    typogruby (1.0.18)
      rubypants

PLATFORMS
  ruby

DEPENDENCIES
  facets
  jekyll
  jekyll-assets
  kramdown
  octopress-autoprefixer
  rouge
  typogruby
